GEM
  remote: https://rubygems.org/
  specs:
    rack (1.5.2)
    webrick (1.3.1)

PLATFORMS
  ruby

DEPENDENCIES
  rack
  webrick
